PATH
  remote: .
  specs:
    authentication-zero (4.0.4.pre.uuid.pre.beta)

GEM
  remote: https://rubygems.org/
  specs:
    rake (12.3.3)

PLATFORMS
  ruby

DEPENDENCIES
  authentication-zero!
  rake (~> 12.0)

BUNDLED WITH
   2.1.4
